GEM
  remote: https://rubygems.org/
  specs:
    backports (3.6.0)
    coffee-script (2.2.0)
      coffee-script-source
      execjs
    coffee-script-source (1.7.0)
    daemons (1.1.9)
    eventmachine (1.0.3)
    execjs (2.0.2)
    haml (4.0.5)
      tilt
    multi_json (1.9.2)
    rack (1.5.2)
    rack-protection (1.5.2)
      rack
    rack-test (0.6.2)
      rack (>= 1.0)
    redis (3.0.7)
    sinatra (1.4.4)
      rack (~> 1.4)
      rack-protection (~> 1.4)
      tilt (~> 1.3, >= 1.3.4)
    sinatra-contrib (1.4.2)
      backports (>= 2.0)
      multi_json
      rack-protection
      rack-test
      sinatra (~> 1.4.0)
      tilt (~> 1.3)
    sinatra-pubsub (0.0.7)
      redis (~> 3.0.4)
      sinatra (~> 1.4.3)
    thin (1.6.2)
      daemons (>= 1.0.9)
      eventmachine (>= 1.0.0)
      rack (>= 1.0.0)
    tilt (1.4.1)

PLATFORMS
  ruby

DEPENDENCIES
  coffee-script
  haml
  sinatra
  sinatra-contrib
  sinatra-pubsub
  thin
